PATH
  remote: .
  specs:
    web_tools (0.3.0)
      ext_coffee (= 0.3.0)
      ext_css (= 0.3.0)
      ext_minitest (= 0.3.0)
      ext_rails (= 0.3.0)
      ext_rice (= 0.3.0)
      ext_ruby (= 0.3.0)
      ext_shakapacker (= 0.3.0)
      ext_whenever (= 0.3.0)
      mix_admin (= 0.3.0)
      mix_certificate (= 0.3.0)
      mix_file (= 0.3.0)
      mix_flash (= 0.3.0)
      mix_geo (= 0.3.0)
      mix_global (= 0.3.0)
      mix_job (= 0.3.0)
      mix_page (= 0.3.0)
      mix_rpc (= 0.3.0)
      mix_search (= 0.3.0)
      mix_server (= 0.3.0)
      mix_setting
      mix_task (= 0.3.0)
      mix_user (= 0.3.0)
      sunzistrano

PATH
  remote: ext_coffee
  specs:
    ext_coffee (0.3.0)
      ext_ruby (= 0.3.0)

PATH
  remote: ext_css
  specs:
    ext_css (0.3.0)
      ext_ruby (= 0.3.0)

PATH
  remote: ext_minitest
  specs:
    ext_minitest (0.3.0)
      ext_ruby (= 0.3.0)
      minitest

PATH
  remote: ext_rails
  specs:
    ext_rails (0.3.0)
      active_type
      arel_extensions
      date_validator
      dotiw
      geared_pagination
      http_accept_language
      i18n-debug
      mix_setting
      money-rails
      monogamy
      null-logger
      pg
      rails (~> 8.0.1)
      rails-i18n
      rblineprof
      rounding
      shoulda-matchers
      stateful_enum
      sunzistrano
      user_agent_parser
      webrick

PATH
  remote: ext_rice
  specs:
    ext_rice (0.3.0)
      ext_ruby (= 0.3.0)
      numo-narray
      rice (~> 4.5.0)

PATH
  remote: ext_ruby
  specs:
    ext_ruby (0.3.0)
      activesupport
      bcrypt
      bootsnap
      chronic_duration
      colorize
      csv
      fiddle
      http
      ice_nine
      inifile
      mutex_m
      ostruct
      parallel
      sorted_set
      vmstat

PATH
  remote: ext_shakapacker
  specs:
    ext_shakapacker (0.3.0)
      ext_ruby (= 0.3.0)
      shakapacker (~> 8.1.0)

PATH
  remote: ext_whenever
  specs:
    ext_whenever (0.3.0)
      sunzistrano
      whenever

PATH
  remote: mix_admin
  specs:
    mix_admin (0.3.0)
      mix_user (= 0.3.0)
      redcarpet

PATH
  remote: mix_certificate
  specs:
    mix_certificate (0.3.0)
      acme-client (~> 2.0.19)
      ext_rails (= 0.3.0)

PATH
  remote: mix_file
  specs:
    mix_file (0.3.0)
      ext_rails (= 0.3.0)
      image_optim
      image_optim_pack (= 0.10.1.20240317)
      image_processing

PATH
  remote: mix_flash
  specs:
    mix_flash (0.3.0)
      mix_user (= 0.3.0)

PATH
  remote: mix_geo
  specs:
    mix_geo (0.3.0)
      activerecord-postgis-adapter
      countries
      ext_rails (= 0.3.0)

PATH
  remote: mix_global
  specs:
    mix_global (0.3.0)

PATH
  remote: mix_job
  specs:
    mix_job (0.3.0)
      mix_server (= 0.3.0)
      mocha
      webmock

PATH
  remote: mix_page
  specs:
    mix_page (0.3.0)
      mix_admin (= 0.3.0)
      mix_file (= 0.3.0)

PATH
  remote: mix_rpc
  specs:
    mix_rpc (0.3.0)
      mix_server (= 0.3.0)

PATH
  remote: mix_search
  specs:
    mix_search (0.3.0)
      ext_rails (= 0.3.0)

PATH
  remote: mix_server
  specs:
    mix_server (0.3.0)
      ext_rails (= 0.3.0)
      mix_global (= 0.3.0)
      pg_query
      pghero

PATH
  remote: mix_setting
  specs:
    mix_setting (0.2.0)
      ext_ruby

PATH
  remote: mix_task
  specs:
    mix_task (0.3.0)
      mix_server (= 0.3.0)
      mix_user (= 0.3.0)

PATH
  remote: mix_user
  specs:
    mix_user (0.3.0)
      devise (~> 4.7)
      devise-i18n
      ext_rails (= 0.3.0)

PATH
  remote: sunzistrano
  specs:
    sunzistrano (0.2.0)
      mix_setting

GEM
  remote: https://rubygems.org/
  specs:
    acme-client (2.0.19)
      base64 (~> 0.2.0)
      faraday (>= 1.0, < 3.0.0)
      faraday-retry (>= 1.0, < 3.0.0)
    actioncable (8.0.1)
      actionpack (= 8.0.1)
      activesupport (= 8.0.1)
      nio4r (~> 2.0)
      websocket-driver (>= 0.6.1)
      zeitwerk (~> 2.6)
    actionmailbox (8.0.1)
      actionpack (= 8.0.1)
      activejob (= 8.0.1)
      activerecord (= 8.0.1)
      activestorage (= 8.0.1)
      activesupport (= 8.0.1)
      mail (>= 2.8.0)
    actionmailer (8.0.1)
      actionpack (= 8.0.1)
      actionview (= 8.0.1)
      activejob (= 8.0.1)
      activesupport (= 8.0.1)
      mail (>= 2.8.0)
      rails-dom-testing (~> 2.2)
    actionpack (8.0.1)
      actionview (= 8.0.1)
      activesupport (= 8.0.1)
      nokogiri (>= 1.8.5)
      rack (>= 2.2.4)
      rack-session (>= 1.0.1)
      rack-test (>= 0.6.3)
      rails-dom-testing (~> 2.2)
      rails-html-sanitizer (~> 1.6)
      useragent (~> 0.16)
    actiontext (8.0.1)
      actionpack (= 8.0.1)
      activerecord (= 8.0.1)
      activestorage (= 8.0.1)
      activesupport (= 8.0.1)
      globalid (>= 0.6.0)
      nokogiri (>= 1.8.5)
    actionview (8.0.1)
      activesupport (= 8.0.1)
      builder (~> 3.1)
      erubi (~> 1.11)
      rails-dom-testing (~> 2.2)
      rails-html-sanitizer (~> 1.6)
    active_type (2.6.1)
      activerecord (>= 6.1)
    activejob (8.0.1)
      activesupport (= 8.0.1)
      globalid (>= 0.3.6)
    activemodel (8.0.1)
      activesupport (= 8.0.1)
    activerecord (8.0.1)
      activemodel (= 8.0.1)
      activesupport (= 8.0.1)
      timeout (>= 0.4.0)
    activerecord-postgis-adapter (11.0.0)
      activerecord (~> 8.0.0)
      rgeo-activerecord (~> 8.0.0)
    activestorage (8.0.1)
      actionpack (= 8.0.1)
      activejob (= 8.0.1)
      activerecord (= 8.0.1)
      activesupport (= 8.0.1)
      marcel (~> 1.0)
    activesupport (8.0.1)
      base64
      benchmark (>= 0.3)
      bigdecimal
      concurrent-ruby (~> 1.0, >= 1.3.1)
      connection_pool (>= 2.2.5)
      drb
      i18n (>= 1.6, < 2)
      logger (>= 1.4.2)
      minitest (>= 5.1)
      securerandom (>= 0.3)
      tzinfo (~> 2.0, >= 2.0.5)
      uri (>= 0.13.1)
    addressable (2.8.7)
      public_suffix (>= 2.0.2, < 7.0)
    arel_extensions (2.3.3)
      activerecord (>= 6.0)
    base64 (0.2.0)
    bcrypt (3.1.20)
    benchmark (0.4.0)
    bigdecimal (3.1.9)
    bootsnap (1.18.4)
      msgpack (~> 1.2)
    builder (3.3.0)
    chronic (0.10.2)
    chronic_duration (0.10.6)
      numerizer (~> 0.1.1)
    colorize (1.1.0)
    concurrent-ruby (1.3.5)
    connection_pool (2.5.0)
    countries (7.1.1)
      unaccent (~> 0.3)
    crack (1.0.0)
      bigdecimal
      rexml
    crass (1.0.6)
    csv (3.3.2)
    date (3.4.1)
    date_validator (0.12.0)
      activemodel (>= 3)
      activesupport (>= 3)
    debugger-ruby_core_source (1.3.8)
    devise (4.9.4)
      bcrypt (~> 3.0)
      orm_adapter (~> 0.1)
      railties (>= 4.1.0)
      responders
      warden (~> 1.2.3)
    devise-i18n (1.12.1)
      devise (>= 4.9.0)
    domain_name (0.6.20240107)
    dotiw (5.3.3)
      activesupport
      i18n
    drb (2.2.1)
    erubi (1.13.1)
    exifr (1.4.1)
    faraday (2.12.2)
      faraday-net_http (>= 2.0, < 3.5)
      json
      logger
    faraday-net_http (3.4.0)
      net-http (>= 0.5.0)
    faraday-retry (2.2.1)
      faraday (~> 2.0)
    ffi (1.17.1-aarch64-linux-gnu)
    ffi (1.17.1-aarch64-linux-musl)
    ffi (1.17.1-arm-linux-gnu)
    ffi (1.17.1-arm-linux-musl)
    ffi (1.17.1-arm64-darwin)
    ffi (1.17.1-x86_64-darwin)
    ffi (1.17.1-x86_64-linux-gnu)
    ffi (1.17.1-x86_64-linux-musl)
    ffi-compiler (1.3.2)
      ffi (>= 1.15.5)
      rake
    fiddle (1.1.6)
    fspath (3.1.2)
    geared_pagination (1.2.0)
      activesupport (>= 5.0)
      addressable (>= 2.5.0)
    globalid (1.2.1)
      activesupport (>= 6.1)
    google-protobuf (4.29.3)
      bigdecimal
      rake (>= 13)
    google-protobuf (4.29.3-aarch64-linux)
      bigdecimal
      rake (>= 13)
    google-protobuf (4.29.3-arm64-darwin)
      bigdecimal
      rake (>= 13)
    google-protobuf (4.29.3-x86_64-darwin)
      bigdecimal
      rake (>= 13)
    google-protobuf (4.29.3-x86_64-linux)
      bigdecimal
      rake (>= 13)
    hashdiff (1.1.2)
    http (5.2.0)
      addressable (~> 2.8)
      base64 (~> 0.1)
      http-cookie (~> 1.0)
      http-form_data (~> 2.2)
      llhttp-ffi (~> 0.5.0)
    http-cookie (1.0.8)
      domain_name (~> 0.5)
    http-form_data (2.3.0)
    http_accept_language (2.1.1)
    i18n (1.14.7)
      concurrent-ruby (~> 1.0)
    i18n-debug (1.2.0)
      i18n (< 2)
    ice_nine (0.11.2)
    image_optim (0.31.4)
      exifr (~> 1.2, >= 1.2.2)
      fspath (~> 3.0)
      image_size (>= 1.5, < 4)
      in_threads (~> 1.3)
      progress (~> 3.0, >= 3.0.1)
    image_optim_pack (0.10.1.20240317)
      fspath (>= 2.1, < 4)
      image_optim (~> 0.19)
    image_optim_pack (0.10.1.20240317-x86_64-darwin)
      fspath (>= 2.1, < 4)
      image_optim (~> 0.19)
    image_optim_pack (0.10.1.20240317-x86_64-linux)
      fspath (>= 2.1, < 4)
      image_optim (~> 0.19)
    image_processing (1.14.0)
      mini_magick (>= 4.9.5, < 6)
      ruby-vips (>= 2.0.17, < 3)
    image_size (3.4.0)
    in_threads (1.6.0)
    inifile (3.0.0)
    io-console (0.8.0)
    irb (1.15.1)
      pp (>= 0.6.0)
      rdoc (>= 4.0.0)
      reline (>= 0.4.2)
    json (2.10.1)
    llhttp-ffi (0.5.0)
      ffi-compiler (~> 1.0)
      rake (~> 13.0)
    logger (1.6.5)
    loofah (2.24.0)
      crass (~> 1.0.2)
      nokogiri (>= 1.12.0)
    mail (2.8.1)
      mini_mime (>= 0.1.1)
      net-imap
      net-pop
      net-smtp
    marcel (1.0.4)
    mini_magick (5.1.2)
      benchmark
      logger
    mini_mime (1.1.5)
    minitest (5.25.4)
    mocha (2.7.1)
      ruby2_keywords (>= 0.0.5)
    monetize (1.13.0)
      money (~> 6.12)
    money (6.19.0)
      i18n (>= 0.6.4, <= 2)
    money-rails (1.15.0)
      activesupport (>= 3.0)
      monetize (~> 1.9)
      money (~> 6.13)
      railties (>= 3.0)
    monogamy (0.0.2)
      activerecord (>= 3.2)
    msgpack (1.8.0)
    mutex_m (0.3.0)
    net-http (0.6.0)
      uri
    net-imap (0.5.6)
      date
      net-protocol
    net-pop (0.1.2)
      net-protocol
    net-protocol (0.2.2)
      timeout
    net-smtp (0.5.1)
      net-protocol
    nio4r (2.7.4)
    nokogiri (1.18.2-aarch64-linux-gnu)
      racc (~> 1.4)
    nokogiri (1.18.2-aarch64-linux-musl)
      racc (~> 1.4)
    nokogiri (1.18.2-arm-linux-gnu)
      racc (~> 1.4)
    nokogiri (1.18.2-arm-linux-musl)
      racc (~> 1.4)
    nokogiri (1.18.2-arm64-darwin)
      racc (~> 1.4)
    nokogiri (1.18.2-x86_64-darwin)
      racc (~> 1.4)
    nokogiri (1.18.2-x86_64-linux-gnu)
      racc (~> 1.4)
    nokogiri (1.18.2-x86_64-linux-musl)
      racc (~> 1.4)
    null-logger (0.1.7)
    numerizer (0.1.1)
    numo-blis (0.5.1)
      numo-linalg (>= 0.1.4)
    numo-linalg (0.1.7)
      numo-narray (>= 0.9.1.4)
    numo-narray (0.9.2.1)
    orm_adapter (0.5.0)
    ostruct (0.6.1)
    package_json (0.1.0)
    parallel (1.26.3)
    pg (1.5.9)
    pg_query (6.0.0)
      google-protobuf (>= 3.25.3)
    pghero (3.6.1)
      activerecord (>= 6.1)
    pp (0.6.2)
      prettyprint
    prettyprint (0.2.0)
    progress (3.6.0)
    psych (5.2.3)
      date
      stringio
    public_suffix (6.0.1)
    racc (1.8.1)
    rack (3.1.9)
    rack-proxy (0.7.7)
      rack
    rack-session (2.1.0)
      base64 (>= 0.1.0)
      rack (>= 3.0.0)
    rack-test (2.2.0)
      rack (>= 1.3)
    rackup (2.2.1)
      rack (>= 3)
    rails (8.0.1)
      actioncable (= 8.0.1)
      actionmailbox (= 8.0.1)
      actionmailer (= 8.0.1)
      actionpack (= 8.0.1)
      actiontext (= 8.0.1)
      actionview (= 8.0.1)
      activejob (= 8.0.1)
      activemodel (= 8.0.1)
      activerecord (= 8.0.1)
      activestorage (= 8.0.1)
      activesupport (= 8.0.1)
      bundler (>= 1.15.0)
      railties (= 8.0.1)
    rails-dom-testing (2.2.0)
      activesupport (>= 5.0.0)
      minitest
      nokogiri (>= 1.6)
    rails-html-sanitizer (1.6.2)
      loofah (~> 2.21)
      nokogiri (>= 1.15.7, != 1.16.7, != 1.16.6, != 1.16.5, != 1.16.4, != 1.16.3, != 1.16.2, != 1.16.1, != 1.16.0.rc1, != 1.16.0)
    rails-i18n (8.0.1)
      i18n (>= 0.7, < 2)
      railties (>= 8.0.0, < 9)
    railties (8.0.1)
      actionpack (= 8.0.1)
      activesupport (= 8.0.1)
      irb (~> 1.13)
      rackup (>= 1.0.0)
      rake (>= 12.2)
      thor (~> 1.0, >= 1.2.2)
      zeitwerk (~> 2.6)
    rake (13.2.1)
    rblineprof (0.3.7)
      debugger-ruby_core_source (~> 1.3)
    rbtree (0.4.6)
    rdoc (6.12.0)
      psych (>= 4.0.0)
    redcarpet (3.6.0)
    reline (0.6.0)
      io-console (~> 0.5)
    responders (3.1.1)
      actionpack (>= 5.2)
      railties (>= 5.2)
    rexml (3.4.1)
    rgeo (3.0.1)
    rgeo-activerecord (8.0.0)
      activerecord (>= 7.0)
      rgeo (>= 3.0)
    rice (4.5.0)
    rounding (1.0.1)
    ruby-vips (2.2.3)
      ffi (~> 1.12)
      logger
    ruby2_keywords (0.0.5)
    securerandom (0.4.1)
    semantic_range (3.1.0)
    set (1.1.1)
    shakapacker (8.1.0)
      activesupport (>= 5.2)
      package_json
      rack-proxy (>= 0.6.1)
      railties (>= 5.2)
      semantic_range (>= 2.3.0)
    shoulda-matchers (6.4.0)
      activesupport (>= 5.2.0)
    sorted_set (1.0.3)
      rbtree
      set (~> 1.0)
    stateful_enum (0.7.0)
    stringio (3.1.2)
    thor (1.3.2)
    timeout (0.4.3)
    tzinfo (2.0.6)
      concurrent-ruby (~> 1.0)
    unaccent (0.4.0)
    uri (1.0.2)
    user_agent_parser (2.18.0)
    useragent (0.16.11)
    vmstat (2.3.1)
    warden (1.2.9)
      rack (>= 2.0.9)
    webmock (3.25.0)
      addressable (>= 2.8.0)
      crack (>= 0.3.2)
      hashdiff (>= 0.4.0, < 2.0.0)
    webrick (1.9.1)
    websocket-driver (0.7.7)
      base64
      websocket-extensions (>= 0.1.0)
    websocket-extensions (0.1.5)
    whenever (1.0.0)
      chronic (>= 0.6.3)
    zeitwerk (2.7.1)

PLATFORMS
  aarch64-linux
  aarch64-linux-gnu
  aarch64-linux-musl
  arm-linux-gnu
  arm-linux-musl
  arm64-darwin
  x86_64-darwin
  x86_64-linux-gnu
  x86_64-linux-musl

DEPENDENCIES
  ext_coffee!
  ext_css!
  ext_minitest!
  ext_rails!
  ext_rice!
  ext_ruby!
  ext_shakapacker!
  ext_whenever!
  mix_admin!
  mix_certificate!
  mix_file!
  mix_flash!
  mix_geo!
  mix_global!
  mix_job!
  mix_page!
  mix_rpc!
  mix_search!
  mix_server!
  mix_setting!
  mix_task!
  mix_user!
  numo-blis
  sunzistrano!
  web_tools!

BUNDLED WITH
   2.6.3
